PATH
  remote: .
  specs:
    octopolo (0.0.1)
      clamp (>= 0.6, < 1.0)
      hashie (~> 1.2)
      highline (~> 1.6)
      octokit (~> 1.23)
      pivotal-tracker (~> 0.5)
      rake

GEM
  remote: https://rubygems.org/
  specs:
    addressable (2.3.5)
    builder (3.2.2)
    clamp (0.6.1)
    crack (0.4.1)
      safe_yaml (~> 0.9.0)
    diff-lcs (1.1.3)
    faraday (0.8.7)
      multipart-post (~> 1.1)
    faraday_middleware (0.9.0)
      faraday (>= 0.7.4, < 0.9)
    happymapper (0.4.0)
      libxml-ruby (~> 2.0)
    hashie (1.2.0)
    highline (1.6.14)
    libxml-ruby (2.7.0)
    mime-types (1.25)
    mini_portile (0.5.1)
    multi_json (1.6.1)
    multipart-post (1.2.0)
    netrc (0.7.7)
    nokogiri (1.6.0)
      mini_portile (~> 0.5.0)
    nokogiri-happymapper (0.5.7)
      nokogiri (~> 1.5)
    octokit (1.23.0)
      addressable (~> 2.2)
      faraday (~> 0.8)
      faraday_middleware (~> 0.9)
      hashie (~> 1.2)
      multi_json (~> 1.3)
      netrc (~> 0.7.7)
    pivotal-tracker (0.5.12)
      builder
      crack
      happymapper (>= 0.3.2)
      nokogiri (>= 1.4.3)
      nokogiri (>= 1.5.5)
      nokogiri-happymapper (>= 0.5.4)
      rest-client (~> 1.6.0)
    rake (10.1.0)
    rest-client (1.6.7)
      mime-types (>= 1.16)
    rspec (2.11.0)
      rspec-core (~> 2.11.0)
      rspec-expectations (~> 2.11.0)
      rspec-mocks (~> 2.11.0)
    rspec-core (2.11.1)
    rspec-expectations (2.11.2)
      diff-lcs (~> 1.1.3)
    rspec-mocks (2.11.2)
    safe_yaml (0.9.5)

PLATFORMS
  ruby

DEPENDENCIES
  octopolo!
  rspec
